GEM
  remote: http://rubygems.org/
  specs:
    mini_portile (0.5.0)
    nokogiri (1.6.0-java)
      mini_portile (~> 0.5.0)

PLATFORMS
  java

DEPENDENCIES
  nokogiri
